GEM
  remote: http://rubygems.org/
  specs:
    RedCloth (4.2.3)
    classifier (1.3.3)
      fast-stemmer (>= 1.0.0)
    compass (0.10.6)
      haml (>= 3.0.4)
    compass-colors (0.3.1)
      compass (>= 0.8.7)
    directory_watcher (1.3.2)
    fast-stemmer (1.0.0)
    haml (3.0.25)
    jekyll (0.10.0)
      classifier (>= 1.3.1)
      directory_watcher (>= 1.1.1)
      liquid (>= 1.9.0)
      maruku (>= 0.5.9)
    jekyll_ext (0.1.3)
    liquid (2.2.2)
    maruku (0.6.0)
      syntax (>= 1.0.0)
    rdiscount (1.6.5)
    syntax (1.0.0)

PLATFORMS
  ruby

DEPENDENCIES
  RedCloth
  compass-colors
  jekyll
  jekyll_ext
  rdiscount
